GEM
  remote: https://rubygems.org/
  specs:
    rake (12.3.3)
    rdoc (6.3.1)

PLATFORMS
  ruby

DEPENDENCIES
  rake
  rdoc
